GEM
  remote: https://rubygems.org/
  specs:
    actionmailer (4.2.0)
      actionpack (= 4.2.0)
      actionview (= 4.2.0)
      activejob (= 4.2.0)
      mail (~> 2.5, >= 2.5.4)
      rails-dom-testing (~> 1.0, >= 1.0.5)
    actionpack (4.2.0)
      actionview (= 4.2.0)
      activesupport (= 4.2.0)
      rack (~> 1.6.0)
      rack-test (~> 0.6.2)
      rails-dom-testing (~> 1.0, >= 1.0.5)
      rails-html-sanitizer (~> 1.0, >= 1.0.1)
    actionview (4.2.0)
      activesupport (= 4.2.0)
      builder (~> 3.1)
      erubis (~> 2.7.0)
      rails-dom-testing (~> 1.0, >= 1.0.5)
      rails-html-sanitizer (~> 1.0, >= 1.0.1)
    activejob (4.2.0)
      activesupport (= 4.2.0)
      globalid (>= 0.3.0)
    activemodel (4.2.0)
      activesupport (= 4.2.0)
      builder (~> 3.1)
    activerecord (4.2.0)
      activemodel (= 4.2.0)
      activesupport (= 4.2.0)
      arel (~> 6.0)
    activesupport (4.2.0)
      i18n (~> 0.7)
      json (~> 1.7, >= 1.7.7)
      minitest (~> 5.1)
      thread_safe (~> 0.3, >= 0.3.4)
      tzinfo (~> 1.1)
    acts-as-taggable-on (3.5.0)
      activerecord (>= 3.2, < 5)
    annotate (2.6.8)
      activerecord (>= 3.2, <= 4.3)
      rake (~> 10.4)
    ansi (1.5.0)
    arel (6.0.0)
    attachinary (1.3.0)
      cloudinary (~> 1.0.69)
      rails (>= 3.2)
    aws_cf_signer (0.1.3)
    bcrypt (3.1.10)
    binding_of_caller (0.7.2)
      debug_inspector (>= 0.0.1)
    bootstrap_form (2.3.0)
    builder (3.2.2)
    byebug (4.0.1)
      columnize (= 0.9.0)
      rb-readline (= 0.5.2)
    celluloid (0.16.0)
      timers (~> 4.0.0)
    cloudinary (1.0.85)
      aws_cf_signer
      rest-client
    coffee-rails (4.1.0)
      coffee-script (>= 2.2.0)
      railties (>= 4.0.0, < 5.0)
    coffee-script (2.3.0)
      coffee-script-source
      execjs
    coffee-script-source (1.9.1)
    columnize (0.9.0)
    commonjs (0.2.7)
    daemons (1.2.2)
    debug_inspector (0.0.2)
    devise (3.4.1)
      bcrypt (~> 3.0)
      orm_adapter (~> 0.1)
      railties (>= 3.2.6, < 5)
      responders
      thread_safe (~> 0.1)
      warden (~> 1.2.3)
    devise-bootstrap-views (0.0.4)
    devise-i18n (0.12.0)
    diff-lcs (1.2.5)
    domain_name (0.5.23)
      unf (>= 0.0.5, < 1.0.0)
    erubis (2.7.0)
    execjs (2.4.0)
    factory_girl (4.5.0)
      activesupport (>= 3.0.0)
    factory_girl_rails (4.5.0)
      factory_girl (~> 4.5.0)
      railties (>= 3.0.0)
    faker (1.4.3)
      i18n (~> 0.5)
    ffi (1.9.8)
    font-awesome-less (4.0.2)
      less-rails (>= 2.4.2)
    font-awesome-rails (4.3.0.0)
      railties (>= 3.2, < 5.0)
    globalid (0.3.3)
      activesupport (>= 4.1.0)
    globalize (5.0.1)
      activemodel (>= 4.2.0, < 4.3)
      activerecord (>= 4.2.0, < 4.3)
    globalize-accessors (0.2.1)
      globalize (~> 5.0, >= 5.0.0)
    globalize-versioning (0.1.0)
      activemodel (>= 3.2.0, < 5)
      activerecord (>= 3.2.0, < 5)
      globalize (>= 3.0.4, < 6)
      paper_trail (~> 3.0.0)
    gravtastic (3.2.6)
    griddler (1.1.0)
      htmlentities
      rails (>= 3.2.0)
    griddler-mailgun (1.0.2)
      griddler
    griddler-mailin (0.0.1)
      griddler
    griddler-mandrill (1.0.2)
      griddler
    griddler-postmark (1.0.0)
      griddler
    griddler-sendgrid (0.0.1)
      griddler
    hike (1.2.3)
    hitimes (1.2.2)
    htmlentities (4.3.3)
    http-cookie (1.0.2)
      domain_name (~> 0.5)
    http_accept_language (2.0.5)
    i18n (0.7.0)
    i18n-country-translations (1.2.3)
      i18n (~> 0.5)
      railties (>= 3.0)
    jbuilder (2.2.11)
      activesupport (>= 3.0.0, < 5)
      multi_json (~> 1.2)
    jquery-rails (4.0.3)
      rails-dom-testing (~> 1.0)
      railties (>= 4.2.0)
      thor (>= 0.14, < 2.0)
    jquery-turbolinks (2.1.0)
      railties (>= 3.1.0)
      turbolinks
    json (1.8.2)
    kaminari (0.16.3)
      actionpack (>= 3.0.0)
      activesupport (>= 3.0.0)
    kaminari-i18n (0.3.2)
      kaminari
      rails
    kgio (2.9.3)
    less (2.6.0)
      commonjs (~> 0.2.7)
    less-rails (2.6.0)
      actionpack (>= 3.1)
      less (~> 2.6.0)
    libv8 (3.16.14.7)
    listen (2.10.0)
      celluloid (~> 0.16.0)
      rb-fsevent (>= 0.9.3)
      rb-inotify (>= 0.9)
    loofah (2.0.1)
      nokogiri (>= 1.5.9)
    magnific-popup-rails (0.9.9.1)
    mail (2.6.3)
      mime-types (>= 1.16, < 3)
    mail_extract (0.1.4)
    maildir (2.2.1)
    mailman (0.7.3)
      activesupport (>= 2.3.4)
      i18n (>= 0.4.1)
      listen (~> 2.2)
      mail (>= 2.0.3)
      maildir (>= 0.5.0)
    mime-types (2.4.3)
    mini_portile (0.6.2)
    minitest (5.5.1)
    minitest-reporters (1.0.16)
      ansi
      builder
      minitest (>= 5.0)
      ruby-progressbar
    multi_json (1.11.0)
    netrc (0.10.3)
    newrelic_rpm (3.11.2.286)
    nokogiri (1.6.6.2)
      mini_portile (~> 0.6.0)
    orm_adapter (0.5.0)
    paper_trail (3.0.7)
      activerecord (>= 3.0, < 5.0)
      activesupport (>= 3.0, < 5.0)
    permalink_fu (1.0.0)
    pg (0.18.1)
    pg_search (0.7.9)
      activerecord (>= 3.1)
      activesupport (>= 3.1)
      arel
    populator (1.0.0)
    rack (1.6.0)
    rack-mini-profiler (0.9.7)
      rack (>= 1.1.3)
    rack-test (0.6.3)
      rack (>= 1.0)
    rails (4.2.0)
      actionmailer (= 4.2.0)
      actionpack (= 4.2.0)
      actionview (= 4.2.0)
      activejob (= 4.2.0)
      activemodel (= 4.2.0)
      activerecord (= 4.2.0)
      activesupport (= 4.2.0)
      bundler (>= 1.3.0, < 2.0)
      railties (= 4.2.0)
      sprockets-rails
    rails-deprecated_sanitizer (1.0.3)
      activesupport (>= 4.2.0.alpha)
    rails-dom-testing (1.0.5)
      activesupport (>= 4.2.0.beta, < 5.0)
      nokogiri (~> 1.6.0)
      rails-deprecated_sanitizer (>= 1.0.1)
    rails-html-sanitizer (1.0.2)
      loofah (~> 2.0)
    rails-i18n (4.0.4)
      i18n (~> 0.6)
      railties (~> 4.0)
    rails-timeago (2.11.1)
      actionpack (>= 3.1)
      activesupport (>= 3.1)
    rails_12factor (0.0.3)
      rails_serve_static_assets
      rails_stdout_logging
    rails_config (0.4.2)
      activesupport (>= 3.0)
    rails_serve_static_assets (0.0.4)
    rails_stdout_logging (0.0.3)
    railties (4.2.0)
      actionpack (= 4.2.0)
      activesupport (= 4.2.0)
      rake (>= 0.8.7)
      thor (>= 0.18.1, < 2.0)
    raindrops (0.13.0)
    rake (10.4.2)
    rb-fsevent (0.9.4)
    rb-inotify (0.9.5)
      ffi (>= 0.5.0)
    rb-readline (0.5.2)
    rdiscount (2.1.8)
    rdoc (4.2.0)
    ref (1.0.5)
    responders (2.1.0)
      railties (>= 4.2.0, < 5)
    rest-client (1.8.0)
      http-cookie (>= 1.0.2, < 2.0)
      mime-types (>= 1.16, < 3.0)
      netrc (~> 0.7)
    route_translator (4.1.0)
      actionpack (>= 3.2, < 5.0)
      activesupport (>= 3.2, < 5.0)
    rspec (3.2.0)
      rspec-core (~> 3.2.0)
      rspec-expectations (~> 3.2.0)
      rspec-mocks (~> 3.2.0)
    rspec-core (3.2.3)
      rspec-support (~> 3.2.0)
    rspec-expectations (3.2.1)
      diff-lcs (>= 1.2.0, < 2.0)
      rspec-support (~> 3.2.0)
    rspec-mocks (3.2.1)
      diff-lcs (>= 1.2.0, < 2.0)
      rspec-support (~> 3.2.0)
    rspec-support (3.2.2)
    ruby-progressbar (1.7.5)
    ruser (3.0.0)
    sass (3.4.13)
    sass-rails (5.0.1)
      railties (>= 4.0.0, < 5.0)
      sass (~> 3.1)
      sprockets (>= 2.8, < 4.0)
      sprockets-rails (>= 2.0, < 4.0)
      tilt (~> 1.1)
    sdoc (0.4.1)
      json (~> 1.7, >= 1.7.7)
      rdoc (~> 4.0)
    shoulda (3.5.0)
      shoulda-context (~> 1.0, >= 1.0.1)
      shoulda-matchers (>= 1.4.1, < 3.0)
    shoulda-context (1.2.1)
    shoulda-matchers (2.8.0)
      activesupport (>= 3.0.0)
    spring (1.4.0)
    sprockets (2.12.3)
      hike (~> 1.2)
      multi_json (~> 1.0)
      rack (~> 1.0)
      tilt (~> 1.1, != 1.3.0)
    sprockets-rails (2.2.4)
      actionpack (>= 3.0)
      activesupport (>= 3.0)
      sprockets (>= 2.8, < 4.0)
    staccato (0.3.1)
    therubyracer (0.12.1)
      libv8 (~> 3.16.14.0)
      ref
    thor (0.19.1)
    thread_safe (0.3.5)
    tilt (1.4.1)
    timecop (0.7.3)
    timers (4.0.1)
      hitimes
    trix (0.9.0)
      rails
    turbolinks (2.5.3)
      coffee-rails
    twitter-bootstrap-rails (3.2.0)
      actionpack (~> 4.1)
      execjs (~> 2.2)
      rails (~> 4.1)
      railties (~> 4.1)
    twitter-bootstrap-rails-confirm (1.0.4)
    tzinfo (1.2.2)
      thread_safe (~> 0.1)
    uglifier (2.7.1)
      execjs (>= 0.3.0)
      json (>= 1.8.0)
    unf (0.1.4)
      unf_ext
    unf_ext (0.0.6)
    unicorn (4.8.3)
      kgio (~> 2.6)
      rack
      raindrops (~> 0.7)
    warden (1.2.3)
      rack (>= 1.0)
    web-console (2.1.2)
      activemodel (>= 4.0)
      binding_of_caller (>= 0.7.2)
      railties (>= 4.0)
      sprockets-rails (>= 2.0, < 4.0)

PLATFORMS
  ruby

DEPENDENCIES
  acts-as-taggable-on (~> 3.5)
  annotate
  attachinary
  bootstrap_form
  byebug
  cloudinary
  coffee-rails (~> 4.1.0)
  daemons
  devise
  devise-bootstrap-views
  devise-i18n
  factory_girl_rails
  faker
  font-awesome-less
  font-awesome-rails
  globalize-accessors
  globalize-versioning (~> 0.1.0)
  gravtastic
  griddler
  griddler-mailgun
  griddler-mailin
  griddler-mandrill
  griddler-postmark
  griddler-sendgrid
  http_accept_language
  i18n-country-translations
  jbuilder (~> 2.0)
  jquery-rails
  jquery-turbolinks
  kaminari
  kaminari-i18n
  less-rails
  magnific-popup-rails
  mail_extract
  mailman
  minitest
  minitest-reporters
  newrelic_rpm
  paper_trail
  permalink_fu
  pg
  pg_search
  populator
  rack-mini-profiler
  rails (= 4.2.0)
  rails-i18n (~> 4.0.0)
  rails-timeago
  rails_12factor
  rails_config
  rdiscount
  route_translator
  rspec
  ruser (~> 3.0)
  sass-rails (~> 5.0)
  sdoc (~> 0.4.0)
  shoulda
  spring (~> 1.4.0)
  staccato
  therubyracer
  timecop
  trix
  turbolinks
  twitter-bootstrap-rails
  twitter-bootstrap-rails-confirm
  uglifier (>= 1.3.0)
  unicorn
  web-console (~> 2.0)

BUNDLED WITH
   1.11.2
