GIT
  remote: https://github.com/helpyio/helpy_imap
  revision: 85f944a0d79325662c6f7e47e1a037640875f88d
  branch: master
  specs:
    helpy_imap (1.0)
      deface
      mail
      mailman
      rails (~> 4.2.10)

PATH
  remote: vendor/helpy_onboarding
  specs:
    helpy_onboarding (1.0)
      deface
      rails (~> 4.2.7)

GEM
  remote: https://rubygems.org/
  specs:
    actionmailer (4.2.10)
      actionpack (= 4.2.10)
      actionview (= 4.2.10)
      activejob (= 4.2.10)
      mail (~> 2.5, >= 2.5.4)
      rails-dom-testing (~> 1.0, >= 1.0.5)
    actionpack (4.2.10)
      actionview (= 4.2.10)
      activesupport (= 4.2.10)
      rack (~> 1.6)
      rack-test (~> 0.6.2)
      rails-dom-testing (~> 1.0, >= 1.0.5)
      rails-html-sanitizer (~> 1.0, >= 1.0.2)
    actionview (4.2.10)
      activesupport (= 4.2.10)
      builder (~> 3.1)
      erubis (~> 2.7.0)
      rails-dom-testing (~> 1.0, >= 1.0.5)
      rails-html-sanitizer (~> 1.0, >= 1.0.3)
    activejob (4.2.10)
      activesupport (= 4.2.10)
      globalid (>= 0.3.0)
    activemodel (4.2.10)
      activesupport (= 4.2.10)
      builder (~> 3.1)
    activerecord (4.2.10)
      activemodel (= 4.2.10)
      activesupport (= 4.2.10)
      arel (~> 6.0)
    activesupport (4.2.10)
      i18n (~> 0.7)
      minitest (~> 5.1)
      thread_safe (~> 0.3, >= 0.3.4)
      tzinfo (~> 1.1)
    acts-as-taggable-on (3.5.0)
      activerecord (>= 3.2, < 5)
    addressable (2.5.2)
      public_suffix (>= 2.0.2, < 4.0)
    annotate (2.7.4)
      activerecord (>= 3.2, < 6.0)
      rake (>= 10.4, < 13.0)
    ansi (1.5.0)
    archive-zip (0.11.0)
      io-like (~> 0.3.0)
    arel (6.0.4)
    ast (2.4.0)
    attachinary (1.3.1)
      cloudinary (~> 1.1.0)
      rails (>= 3.2)
    autoprefixer-rails (9.3.1)
      execjs
    awesome_print (1.8.0)
    aws_cf_signer (0.1.3)
    axiom-types (0.1.1)
      descendants_tracker (~> 0.0.4)
      ice_nine (~> 0.11.0)
      thread_safe (~> 0.3, >= 0.3.1)
    bcrypt (3.1.12)
    best_in_place (3.1.1)
      actionpack (>= 3.2)
      railties (>= 3.2)
    better_errors (2.5.0)
      coderay (>= 1.0.0)
      erubi (>= 1.0.0)
      rack (>= 0.9.0)
    bootstrap-datepicker-rails (1.8.0.1)
      railties (>= 3.0)
    bootstrap-sass (3.3.7)
      autoprefixer-rails (>= 5.2.1)
      sass (>= 3.3.4)
    bootstrap-select-rails (1.12.4)
    bootstrap-switch-rails (3.3.3)
    bootstrap_form (2.7.0)
    brakeman (4.3.1)
    builder (3.2.3)
    bulk_insert (1.7.0)
      activerecord (>= 3.2.0)
    bullet (5.8.1)
      activesupport (>= 3.0.0)
      uniform_notifier (~> 1.11)
    bundler-audit (0.6.0)
      bundler (~> 1.2)
      thor (~> 0.18)
    byebug (10.0.2)
    capybara (2.18.0)
      addressable
      mini_mime (>= 0.1.3)
      nokogiri (>= 1.3.3)
      rack (>= 1.0.0)
      rack-test (>= 0.5.4)
      xpath (>= 2.0, < 4.0)
    carrierwave (1.2.3)
      activemodel (>= 4.0.0)
      activesupport (>= 4.0.0)
      mime-types (>= 1.16)
    celluloid (0.16.0)
      timers (~> 4.0.0)
    chartkick (3.0.1)
    childprocess (0.9.0)
      ffi (~> 1.0, >= 1.0.11)
    chromedriver-helper (2.1.0)
      archive-zip (~> 0.10)
      nokogiri (~> 1.8)
    client_side_validations (4.2.12)
      jquery-rails (>= 3.1.2, < 5.0.0)
      js_regex (~> 1.0, >= 1.0.19)
      rails (>= 4.0.0, < 4.3.0)
    client_side_validations-simple_form (3.4.0)
      client_side_validations (~> 4.2.12)
      simple_form (~> 3.4)
    cloudinary (1.1.7)
      aws_cf_signer
      rest-client
    codeclimate-test-reporter (1.0.7)
      simplecov
    codemirror-rails (5.16.0)
      railties (>= 3.0, < 6.0)
    coderay (1.1.2)
    coercible (1.0.0)
      descendants_tracker (~> 0.0.1)
    commonjs (0.2.7)
    concurrent-ruby (1.1.0)
    config (1.1.1)
      activesupport (>= 3.0)
      deep_merge (~> 1.0.1)
    crass (1.0.4)
    css_parser (1.6.0)
      addressable
    daemons (1.2.6)
    debug_inspector (0.0.3)
    deep_merge (1.0.1)
    deface (1.3.2)
      nokogiri (>= 1.6)
      polyglot
      rails (>= 4.1)
      rainbow (>= 2.1.0)
    descendants_tracker (0.0.4)
      thread_safe (~> 0.3, >= 0.3.1)
    devise (3.5.10)
      bcrypt (~> 3.0)
      orm_adapter (~> 0.1)
      railties (>= 3.2.6, < 5)
      responders
      thread_safe (~> 0.1)
      warden (~> 1.2.3)
    devise-bootstrap-views (1.1.0)
    devise-i18n (1.5.1)
      devise (>= 3.4)
    devise_invitable (1.6.1)
      actionmailer (>= 3.2.6)
      devise (>= 3.2.0)
    docile (1.3.1)
    domain_name (0.5.20180417)
      unf (>= 0.0.5, < 1.0.0)
    equalizer (0.0.11)
    erubi (1.7.1)
    erubis (2.7.0)
    execjs (2.7.0)
    factory_bot (4.11.1)
      activesupport (>= 3.0.0)
    factory_bot_rails (4.11.1)
      factory_bot (~> 4.11.1)
      railties (>= 3.0.0)
    faker (1.9.1)
      i18n (>= 0.7)
    faraday (0.15.3)
      multipart-post (>= 1.2, < 3)
    ffi (1.9.25)
    font-awesome-sass (5.4.1)
      sassc (>= 1.11)
    foundation_emails (2.2.1.0)
    gemoji (3.0.0)
    globalid (0.4.1)
      activesupport (>= 4.2.0)
    globalize (5.0.1)
      activemodel (>= 4.2.0, < 4.3)
      activerecord (>= 4.2.0, < 4.3)
    globalize-accessors (0.2.1)
      globalize (~> 5.0, >= 5.0.0)
    globalize-versioning (0.2.0)
      activemodel (>= 3.2.0, < 5)
      activerecord (>= 3.2.0, < 5)
      globalize (>= 3.0.4, < 6)
      paper_trail (>= 3.0.0, < 5)
    grape (1.1.0)
      activesupport
      builder
      mustermann-grape (~> 1.0.0)
      rack (>= 1.3.0)
      rack-accept
      virtus (>= 1.0.0)
    grape-entity (0.7.1)
      activesupport (>= 4.0)
      multi_json (>= 1.3.2)
    grape-kaminari (0.1.9)
      grape
      kaminari
    grape-swagger (0.31.1)
      grape (>= 0.16.2)
    grape-swagger-entity (0.3.0)
      grape-entity (>= 0.5.0)
      grape-swagger (>= 0.31.0)
    grape-swagger-rails (0.3.0)
      railties (>= 3.2.12)
    gravtastic (3.2.6)
    griddler (1.5.2)
      htmlentities
      rails (>= 3.2.0)
    griddler-mailgun (1.0.3)
      griddler
    griddler-mailin (0.0.1)
      griddler
    griddler-mandrill (1.1.4)
      griddler (>= 1.2.1)
    griddler-postmark (1.0.0)
      griddler
    griddler-sendgrid (1.1.0)
      griddler (>= 1.5.2)
      mail (>= 2.7.0)
    griddler-sparkpost (0.0.3)
      griddler
      mail
    groupdate (4.0.2)
      activesupport (>= 4.2)
    hashie (3.5.7)
    hitimes (1.3.0)
    htmlentities (4.3.4)
    http-cookie (1.0.3)
      domain_name (~> 0.5)
    http_accept_language (2.1.1)
    i18n (0.9.5)
      concurrent-ruby (~> 1.0)
    i18n-country-translations (1.3.0)
      i18n (~> 0.9.3)
      railties (~> 4.0)
    ice_nine (0.11.2)
    inky-rb (1.3.7.3)
      foundation_emails (~> 2)
      nokogiri
    io-like (0.3.0)
    jaro_winkler (1.5.1)
    jbuilder (2.7.0)
      activesupport (>= 4.2.0)
      multi_json (>= 1.2)
    jquery-fileupload-rails (0.4.7)
      actionpack (>= 3.1)
      railties (>= 3.1)
      sass (>= 3.2)
    jquery-minicolors-rails (2.2.6.1)
      jquery-rails
      rails (>= 3.2.8)
    jquery-rails (4.3.3)
      rails-dom-testing (>= 1, < 3)
      railties (>= 4.2.0)
      thor (>= 0.14, < 2.0)
    jquery-turbolinks (2.1.0)
      railties (>= 3.1.0)
      turbolinks
    jquery-ui-rails (6.0.1)
      railties (>= 3.2.16)
    js_regex (1.2.3)
      regexp_parser (>= 0.3.6, <= 0.5.0)
    json (2.1.0)
    jwt (2.1.0)
    kaminari (1.1.1)
      activesupport (>= 4.1.0)
      kaminari-actionview (= 1.1.1)
      kaminari-activerecord (= 1.1.1)
      kaminari-core (= 1.1.1)
    kaminari-actionview (1.1.1)
      actionview
      kaminari-core (= 1.1.1)
    kaminari-activerecord (1.1.1)
      activerecord
      kaminari-core (= 1.1.1)
    kaminari-core (1.1.1)
    kaminari-grape (1.0.1)
      grape
      kaminari-core (~> 1.0)
    kaminari-i18n (0.5.0)
      kaminari
      rails
    kgio (2.11.2)
    launchy (2.4.3)
      addressable (~> 2.3)
    less (2.6.0)
      commonjs (~> 0.2.7)
    less-rails (4.0.0)
      actionpack (>= 4)
      less (~> 2.6.0)
      sprockets (>= 2)
    listen (2.10.1)
      celluloid (~> 0.16.0)
      rb-fsevent (>= 0.9.3)
      rb-inotify (>= 0.9)
    loofah (2.2.3)
      crass (~> 1.0.2)
      nokogiri (>= 1.5.9)
    mail (2.7.1)
      mini_mime (>= 0.1.1)
    mail_extract (0.1.4)
    maildir (2.2.1)
    mailman (0.7.3)
      activesupport (>= 2.3.4)
      i18n (>= 0.4.1)
      listen (~> 2.2)
      mail (>= 2.0.3)
      maildir (>= 0.5.0)
    method_source (0.9.0)
    mime-types (3.2.2)
      mime-types-data (~> 3.2015)
    mime-types-data (3.2018.0812)
    mini_magick (4.9.2)
    mini_mime (1.0.1)
    mini_portile2 (2.3.0)
    minitest (5.11.3)
    minitest-reporters (1.3.5)
      ansi
      builder
      minitest (>= 5.0)
      ruby-progressbar
    multi_json (1.13.1)
    multi_xml (0.6.0)
    multipart-post (2.0.0)
    mustermann (1.0.3)
    mustermann-grape (1.0.0)
      mustermann (~> 1.0.0)
    netrc (0.11.0)
    nokogiri (1.8.5)
      mini_portile2 (~> 2.3.0)
    oauth (0.5.4)
    oauth2 (1.4.1)
      faraday (>= 0.8, < 0.16.0)
      jwt (>= 1.0, < 3.0)
      multi_json (~> 1.3)
      multi_xml (~> 0.5)
      rack (>= 1.2, < 3)
    omniauth (1.8.1)
      hashie (>= 3.4.6, < 3.6.0)
      rack (>= 1.6.2, < 3)
    omniauth-facebook (5.0.0)
      omniauth-oauth2 (~> 1.2)
    omniauth-github (1.3.0)
      omniauth (~> 1.5)
      omniauth-oauth2 (>= 1.4.0, < 2.0)
    omniauth-google-oauth2 (0.5.3)
      jwt (>= 1.5)
      omniauth (>= 1.1.1)
      omniauth-oauth2 (>= 1.5)
    omniauth-oauth (1.1.0)
      oauth
      omniauth (~> 1.0)
    omniauth-oauth2 (1.5.0)
      oauth2 (~> 1.1)
      omniauth (~> 1.2)
    omniauth-twitter (1.4.0)
      omniauth-oauth (~> 1.1)
      rack
    orm_adapter (0.5.0)
    paper_trail (4.2.0)
      activerecord (>= 3.0, < 6.0)
      activesupport (>= 3.0, < 6.0)
      request_store (~> 1.1)
    parallel (1.12.1)
    parser (2.5.3.0)
      ast (~> 2.4.0)
    permalink_fu (1.0.0)
    pg (0.21.0)
    pg_search (2.1.2)
      activerecord (>= 4.2)
      activesupport (>= 4.2)
      arel (>= 6)
    polyglot (0.3.5)
    powerpack (0.1.2)
    premailer (1.11.1)
      addressable
      css_parser (>= 1.6.0)
      htmlentities (>= 4.0.0)
    premailer-rails (1.10.2)
      actionmailer (>= 3, < 6)
      premailer (~> 1.7, >= 1.7.9)
    pry (0.11.3)
      coderay (~> 1.1.0)
      method_source (~> 0.9.0)
    pry-byebug (3.6.0)
      byebug (~> 10.0)
      pry (~> 0.10)
    public_suffix (3.0.3)
    rack (1.6.10)
    rack-accept (0.4.5)
      rack (>= 0.4)
    rack-cors (1.0.2)
    rack-test (0.6.3)
      rack (>= 1.0)
    rails (4.2.10)
      actionmailer (= 4.2.10)
      actionpack (= 4.2.10)
      actionview (= 4.2.10)
      activejob (= 4.2.10)
      activemodel (= 4.2.10)
      activerecord (= 4.2.10)
      activesupport (= 4.2.10)
      bundler (>= 1.3.0, < 2.0)
      railties (= 4.2.10)
      sprockets-rails
    rails-deprecated_sanitizer (1.0.3)
      activesupport (>= 4.2.0.alpha)
    rails-dom-testing (1.0.9)
      activesupport (>= 4.2.0, < 5.0)
      nokogiri (~> 1.6)
      rails-deprecated_sanitizer (>= 1.0.1)
    rails-html-sanitizer (1.0.4)
      loofah (~> 2.2, >= 2.2.2)
    rails-i18n (4.0.9)
      i18n (~> 0.7)
      railties (~> 4.0)
    rails-settings-cached (0.5.6)
      rails (>= 4.2.0)
    rails-timeago (2.16.0)
      actionpack (>= 3.1)
      activesupport (>= 3.1)
    railties (4.2.10)
      actionpack (= 4.2.10)
      activesupport (= 4.2.10)
      rake (>= 0.8.7)
      thor (>= 0.18.1, < 2.0)
    rainbow (2.2.2)
      rake
    raindrops (0.19.0)
    rake (12.3.1)
    ranked-model (0.4.1)
      activerecord (>= 3.1.12)
    rb-fsevent (0.10.3)
    rb-inotify (0.9.10)
      ffi (>= 0.5.0, < 2)
    rdiscount (2.2.0.1)
    rdoc (6.0.4)
    recaptcha (2.3.0)
      json
    regexp_parser (0.5.0)
    request_store (1.4.1)
      rack (>= 1.4)
    responders (2.4.0)
      actionpack (>= 4.2.0, < 5.3)
      railties (>= 4.2.0, < 5.3)
    rest-client (2.0.2)
      http-cookie (>= 1.0.2, < 2.0)
      mime-types (>= 1.16, < 4.0)
      netrc (~> 0.8)
    roo (2.7.1)
      nokogiri (~> 1)
      rubyzip (~> 1.1, < 2.0.0)
    route_translator (4.4.1)
      actionpack (>= 3.2, < 5.0)
      activesupport (>= 3.2, < 5.0)
    rubocop (0.60.0)
      jaro_winkler (~> 1.5.1)
      parallel (~> 1.10)
      parser (>= 2.5, != 2.5.1.1)
      powerpack (~> 0.1)
      rainbow (>= 2.2.2, < 4.0)
      ruby-progressbar (~> 1.7)
      unicode-display_width (~> 1.4.0)
    ruby-progressbar (1.10.0)
    rubyzip (1.2.2)
    sass (3.4.25)
    sass-rails (5.0.7)
      railties (>= 4.0.0, < 6)
      sass (~> 3.1)
      sprockets (>= 2.8, < 4.0)
      sprockets-rails (>= 2.0, < 4.0)
      tilt (>= 1.1, < 3)
    sassc (2.0.0)
      ffi (~> 1.9.6)
      rake
    scss-lint (0.38.0)
      rainbow (~> 2.0)
      sass (~> 3.4.1)
    sdoc (1.0.0)
      rdoc (>= 5.0)
    selectize-rails (0.12.5)
    selenium-webdriver (3.14.1)
      childprocess (~> 0.5)
      rubyzip (~> 1.2, >= 1.2.2)
    shoulda (3.5.0)
      shoulda-context (~> 1.0, >= 1.0.1)
      shoulda-matchers (>= 1.4.1, < 3.0)
    shoulda-context (1.2.2)
    shoulda-matchers (2.8.0)
      activesupport (>= 3.0.0)
    simple_form (3.5.1)
      actionpack (> 4, < 5.2)
      activemodel (> 4, < 5.2)
    simplecov (0.16.1)
      docile (~> 1.1)
      json (>= 1.8, < 3)
      simplecov-html (~> 0.10.0)
    simplecov-html (0.10.2)
    spring (1.4.4)
    sprockets (3.7.2)
      concurrent-ruby (~> 1.0)
      rack (> 1, < 3)
    sprockets-rails (3.2.1)
      actionpack (>= 4.0)
      activesupport (>= 4.0)
      sprockets (>= 3.0.0)
    staccato (0.5.1)
    sucker_punch (2.1.1)
      concurrent-ruby (~> 1.0)
    summernote-rails (0.8.10.0)
      railties (>= 3.1)
    test_after_commit (1.1.0)
      activerecord (>= 3.2)
    themes_on_rails (0.4.0)
      rails (>= 3.2)
    thor (0.20.0)
    thread_safe (0.3.6)
    tilt (2.0.8)
    timecop (0.9.1)
    timers (4.0.4)
      hitimes
    turbolinks (5.2.0)
      turbolinks-source (~> 5.2)
    turbolinks-source (5.2.0)
    twitter-bootstrap-rails (3.2.2)
      actionpack (>= 3.1)
      execjs (>= 2.2.2, >= 2.2)
      less-rails (>= 2.5.0)
      railties (>= 3.1)
    twitter-bootstrap-rails-confirm (2.0.0)
    tzinfo (1.2.5)
      thread_safe (~> 0.1)
    uglifier (4.1.19)
      execjs (>= 0.3.0, < 3)
    unf (0.1.4)
      unf_ext
    unf_ext (0.0.7.5)
    unicode-display_width (1.4.0)
    unicorn (5.4.1)
      kgio (~> 2.6)
      raindrops (~> 0.7)
    uniform_notifier (1.12.1)
    virtus (1.0.5)
      axiom-types (~> 0.1)
      coercible (~> 1.0)
      descendants_tracker (~> 0.0, >= 0.0.3)
      equalizer (~> 0.0, >= 0.0.9)
    warden (1.2.7)
      rack (>= 1.0)
    web-console (3.3.0)
      activemodel (>= 4.2)
      debug_inspector
      railties (>= 4.2)
    xpath (3.2.0)
      nokogiri (~> 1.8)

PLATFORMS
  ruby

DEPENDENCIES
  acts-as-taggable-on (~> 3.5)
  annotate
  attachinary
  awesome_print
  best_in_place (~> 3.1)
  better_errors
  bootstrap-datepicker-rails
  bootstrap-sass
  bootstrap-select-rails
  bootstrap-switch-rails (= 3.3.3)
  bootstrap_form
  brakeman
  bulk_insert
  bullet
  bundler-audit
  byebug
  capybara (< 3.0)
  carrierwave (~> 1.2.3)
  chartkick
  chromedriver-helper
  client_side_validations
  client_side_validations-simple_form
  cloudinary (= 1.1.7)
  codeclimate-test-reporter
  codemirror-rails
  config (~> 1.1.0)
  daemons
  devise (< 4.0)
  devise-bootstrap-views
  devise-i18n
  devise_invitable (< 1.7)
  factory_bot_rails
  faker
  font-awesome-sass
  gemoji
  globalize (= 5.0.1)
  globalize-accessors
  globalize-versioning
  grape
  grape-entity
  grape-kaminari
  grape-swagger
  grape-swagger-entity
  grape-swagger-rails
  gravtastic
  griddler
  griddler-mailgun
  griddler-mailin
  griddler-mandrill
  griddler-postmark
  griddler-sendgrid
  griddler-sparkpost
  groupdate
  helpy_imap!
  helpy_onboarding!
  http_accept_language
  i18n-country-translations
  inky-rb
  jbuilder (~> 2.0)
  jquery-fileupload-rails
  jquery-minicolors-rails
  jquery-rails
  jquery-turbolinks (~> 2.1.0)
  jquery-ui-rails
  kaminari
  kaminari-grape
  kaminari-i18n
  launchy
  mail_extract
  mailman
  mini_magick
  minitest
  minitest-reporters
  nokogiri (>= 1.8.4)
  omniauth
  omniauth-facebook
  omniauth-github
  omniauth-google-oauth2
  omniauth-twitter
  paper_trail
  permalink_fu
  pg (< 1.0.0)
  pg_search
  premailer-rails
  pry
  pry-byebug
  rack-cors
  rails (= 4.2.10)
  rails-i18n (~> 4.0.9)
  rails-settings-cached (~> 0.5.0)
  rails-timeago
  ranked-model
  rdiscount
  recaptcha (< 3)
  roo
  route_translator
  rubocop
  sass-rails (~> 5.0.7)
  scss-lint
  sdoc (~> 1.0.0)
  selectize-rails
  selenium-webdriver
  shoulda (= 3.5)
  shoulda-matchers (~> 2.0)
  simple_form
  simplecov
  spring (~> 1.4.0)
  staccato
  sucker_punch (~> 2.0)
  summernote-rails
  test_after_commit
  themes_on_rails
  timecop
  turbolinks (~> 5.2.0)
  twitter-bootstrap-rails
  twitter-bootstrap-rails-confirm
  uglifier (>= 1.3.0)
  unicorn
  web-console (~> 3.3)

RUBY VERSION
   ruby 2.4.1p111

BUNDLED WITH
   1.16.4
